GEM
  remote: https://rubygems.org/
  specs:
    pg (1.1.4)
    slack-notifier (2.3.2)

PLATFORMS
  ruby

DEPENDENCIES
  pg
  slack-notifier

BUNDLED WITH
   1.16.1
