GEM
  remote: https://rubygems.org/
  specs:
    mail (2.7.1)
      mini_mime (>= 0.1.1)
    mini_mime (1.0.1)
    pg (1.1.4)
    slack-notifier (2.3.2)

PLATFORMS
  ruby

DEPENDENCIES
  mail
  pg
  slack-notifier

BUNDLED WITH
   1.16.1
